PATH
  remote: .
  specs:
    carabiner (0.0.2.pre.alpha2)
      bubble-wrap
      motion-require (~> 0.0.3)
      rake

GEM
  remote: https://rubygems.org/
  specs:
    bubble-wrap (1.3.0)
    coderay (1.0.9)
    ffi (1.9.0)
    formatador (0.2.4)
    guard (1.8.2)
      formatador (>= 0.2.4)
      listen (>= 1.0.0)
      lumberjack (>= 1.0.2)
      pry (>= 0.9.10)
      thor (>= 0.14.6)
    guard-motion (0.1.2)
      guard (>= 1.1.0)
      rake (>= 0.9)
    listen (1.3.1)
      rb-fsevent (>= 0.9.3)
      rb-inotify (>= 0.9)
      rb-kqueue (>= 0.2)
    lumberjack (1.0.4)
    method_source (0.8.2)
    motion-require (0.0.7)
    pry (0.9.12.2)
      coderay (~> 1.0.5)
      method_source (~> 0.8)
      slop (~> 3.4)
    rake (10.1.0)
    rb-fsevent (0.9.3)
    rb-inotify (0.9.1)
      ffi (>= 0.5.0)
    rb-kqueue (0.2.0)
      ffi (>= 0.5.0)
    slop (3.4.6)
    thor (0.18.1)

PLATFORMS
  ruby

DEPENDENCIES
  bundler
  carabiner!
  guard-motion
